PATH
  remote: .
  specs:
    activevalidators (1.4.0)
      activemodel (~> 3.0.0)
      activerecord (~> 3.0.0)
      date_validator (~> 0.6.1)
      mail (~> 2.2.15)

GEM
  remote: http://rubygems.org/
  specs:
    activemodel (3.0.7)
      activesupport (= 3.0.7)
      builder (~> 2.1.2)
      i18n (~> 0.5.0)
    activerecord (3.0.7)
      activemodel (= 3.0.7)
      activesupport (= 3.0.7)
      arel (~> 2.0.2)
      tzinfo (~> 0.3.23)
    activesupport (3.0.7)
    addressable (2.2.5)
    arel (2.0.9)
    builder (2.1.2)
    date_validator (0.6.1)
      activemodel (~> 3.0.0)
    diff-lcs (1.1.2)
    excon (0.5.8)
    i18n (0.5.0)
    little-plugger (1.1.2)
    logging (1.5.0)
      little-plugger (>= 1.1.2)
    mail (2.2.19)
      activesupport (>= 2.3.6)
      i18n (>= 0.4.0)
      mime-types (~> 1.16)
      treetop (~> 1.4.8)
    mime-types (1.16)
    polyglot (0.3.1)
    rack (1.2.2)
    rspec (2.5.0)
      rspec-core (~> 2.5.0)
      rspec-expectations (~> 2.5.0)
      rspec-mocks (~> 2.5.0)
    rspec-core (2.5.1)
    rspec-expectations (2.5.0)
      diff-lcs (~> 1.1.2)
    rspec-mocks (2.5.0)
    sinatra (1.2.3)
      rack (~> 1.1)
      tilt (>= 1.2.2, < 2.0)
    stickler (2.1.2)
      addressable (~> 2.2.4)
      excon (~> 0.5.8)
      logging (~> 1.5.0)
      sinatra (~> 1.2.1)
      trollop (~> 1.16.2)
    tilt (1.3)
    treetop (1.4.9)
      polyglot (>= 0.3.1)
    trollop (1.16.2)
    tzinfo (0.3.27)

PLATFORMS
  java
  ruby

DEPENDENCIES
  activevalidators!
  bundler
  rspec
  rspec-core
  rspec-expectations
  stickler
